GEM
  remote: https://rubygems.org/
  specs:
    ffi (1.9.8-x64-mingw32)
    kitchen-vagrant (0.18.0)
      test-kitchen (~> 1.4)
    mixlib-shellout (2.1.0-universal-mingw32)
      win32-process (~> 0.7.5)
      windows-pr (~> 1.2.4)
    net-scp (1.2.1)
      net-ssh (>= 2.6.5)
    net-ssh (2.9.2)
    safe_yaml (1.0.4)
    test-kitchen (1.4.0)
      mixlib-shellout (>= 1.2, < 3.0)
      net-scp (~> 1.1)
      net-ssh (~> 2.7)
      safe_yaml (~> 1.0)
      thor (~> 0.18)
    thor (0.19.1)
    win32-api (1.5.3-universal-mingw32)
    win32-process (0.7.5)
      ffi (>= 1.0.0)
    windows-api (0.4.4)
      win32-api (>= 1.4.5)
    windows-pr (1.2.4)
      win32-api (>= 1.4.5)
      windows-api (>= 0.4.0)

PLATFORMS
  x64-mingw32

DEPENDENCIES
  kitchen-vagrant
  test-kitchen

BUNDLED WITH
   1.10.2
